NUGET
  remote: https://nuget.org/api/v2
  specs:
    FAKE (3.9.2)
    NUnit (2.6.3)
    NUnit.Runners (2.6.3)
